GEM
  remote: http://rubygems.org/
  specs:
    aspectr (0.3.7)
    diff-lcs (1.1.2)
    htree (0.7.0)
    rr (1.0.3)
    rspec (2.6.0)
      rspec-core (~> 2.6.0)
      rspec-expectations (~> 2.6.0)
      rspec-mocks (~> 2.6.0)
    rspec-core (2.6.4)
    rspec-expectations (2.6.0)
      diff-lcs (~> 1.1.2)
    rspec-mocks (2.6.0)
    ruby-gd (0.8.0)
    rubyzip (0.9.4)

PLATFORMS
  ruby

DEPENDENCIES
  aspectr
  htree
  rr
  rspec
  ruby-gd
  rubyzip
